GIT
  remote: git://github.com/acquia/systemd-daemon.git
  revision: 0f9a624f99ea50b35508c2fa894942092636c661
  ref: wip
  specs:
    systemd-daemon (0.1.0)

GEM
  remote: https://rubygems.org/
  specs:
    mini_portile2 (2.4.0)
    mysql2 (0.4.2)
    nokogiri (1.10.8)
      mini_portile2 (~> 2.4.0)
    sqlite3 (1.3.11)

PLATFORMS
  ruby

DEPENDENCIES
  mysql2
  nokogiri (>= 1.10.4)
  sqlite3
  systemd-daemon!

BUNDLED WITH
   1.17.3
