GIT
  remote: git://github.com/pdrakeweb/systemd-daemon.git
  revision: 44623468b56dcd945242e313bef1cd6aeb48068b
  ref: wip
  specs:
    systemd-daemon (0.1.0)

GEM
  remote: https://rubygems.org/
  specs:
    mini_portile2 (2.0.0)
    mysql2 (0.4.2)
    nokogiri (1.6.7.2)
      mini_portile2 (~> 2.0.0.rc2)
    sqlite3 (1.3.11)

PLATFORMS
  ruby

DEPENDENCIES
  mysql2
  nokogiri
  sqlite3
  systemd-daemon!

BUNDLED WITH
   1.11.2
